GEM
  remote: http://rubygems.org/
  specs:
    cinch (1.1.3)
    json (1.6.2)
    mime-types (1.17.2)
    rest-client (1.6.7)
      mime-types (>= 1.16)

PLATFORMS
  ruby

DEPENDENCIES
  cinch
  json
  rest-client
